GEM
  remote: https://rubygems.org/
  specs:
    csv (3.3.3)
    date (3.4.1)
    nokogiri (1.18.6-x64-mingw-ucrt)
      racc (~> 1.4)
    open-uri (0.5.0)
      stringio
      time
      uri
    racc (1.8.1)
    sqlite3 (2.6.0-x64-mingw-ucrt)
    stringio (3.1.6)
    time (0.4.1)
      date
    uri (1.0.3)

PLATFORMS
  x64-mingw-ucrt

DEPENDENCIES
  csv
  nokogiri
  open-uri
  sqlite3

BUNDLED WITH
   2.6.6
